GEM
  remote: https://rubygems.org/
  specs:
    daemons (1.1.9)
    diff-lcs (1.1.3)
    eventmachine (1.0.0)
    haml (4.0.0)
      tilt
    rack (1.5.2)
    rack-protection (1.3.2)
      rack
    rspec (2.12.0)
      rspec-core (~> 2.12.0)
      rspec-expectations (~> 2.12.0)
      rspec-mocks (~> 2.12.0)
    rspec-core (2.12.2)
    rspec-expectations (2.12.1)
      diff-lcs (~> 1.1.3)
    rspec-mocks (2.12.2)
    shotgun (0.9)
      rack (>= 1.0)
    sinatra (1.3.4)
      rack (~> 1.4)
      rack-protection (~> 1.3)
      tilt (~> 1.3, >= 1.3.3)
    thin (1.5.0)
      daemons (>= 1.0.9)
      eventmachine (>= 0.12.6)
      rack (>= 1.0.0)
    tilt (1.3.3)

PLATFORMS
  ruby

DEPENDENCIES
  haml
  rspec
  shotgun
  sinatra
  thin
